GEM
  remote: https://rubygems.org/
  specs:
    dotenv (2.7.6)
    mustermann (1.1.1)
      ruby2_keywords (~> 0.0.1)
    pg (1.3.4)
    rack (2.2.3)
    rack-protection (2.2.0)
      rack
    rake (13.0.6)
    ruby2_keywords (0.0.5)
    sequel (5.54.0)
    sinatra (2.2.0)
      mustermann (~> 1.0)
      rack (~> 2.2)
      rack-protection (= 2.2.0)
      tilt (~> 2.0)
    tilt (2.0.10)

PLATFORMS
  x86_64-darwin-21
  x86_64-linux

DEPENDENCIES
  dotenv (= 2.7.6)
  pg (= 1.3.4)
  rake (= 13.0.6)
  sequel (= 5.54.0)
  sinatra (= 2.2.0)

BUNDLED WITH
   2.3.7
